GIT
  remote: https://github.com/alzabo/puppet-lint-roles_and_profiles-check.git
  revision: 81056a441b7dfea49b7eaffe83fb799a4b1bcf01
  specs:
    puppet-lint-roles_and_profiles-check (0.1.1)
      puppet-lint (>= 1.0, < 3.0)

GEM
  remote: https://rubygems.org/
  specs:
    ast (2.3.0)
    backports (3.10.3)
    cucumber-core (3.0.0)
      backports (>= 3.8.0)
      cucumber-tag_expressions (>= 1.0.1)
      gherkin (>= 4.1.3)
    cucumber-tag_expressions (1.0.1)
    erubis (2.7.0)
    ffi-yajl (2.3.1)
      libyajl2 (~> 1.2)
    foodcritic (12.2.1)
      cucumber-core (>= 1.3)
      erubis
      ffi-yajl (~> 2.0)
      nokogiri (>= 1.5, < 2.0)
      rake
      rufus-lru (~> 1.0)
      treetop (~> 1.4)
    gherkin (5.0.0)
    libyajl2 (1.2.0)
    mini_portile2 (2.3.0)
    nokogiri (1.8.1)
      mini_portile2 (~> 2.3.0)
    parser (2.3.3.1)
      ast (~> 2.2)
    polyglot (0.3.5)
    powerpack (0.1.1)
    puppet-lint (1.1.0)
    rainbow (2.1.0)
    rake (12.3.0)
    rubocop (0.46.0)
      parser (>= 2.3.1.1, < 3.0)
      powerpack (~> 0.1)
      rainbow (>= 2.2.2, < 3.0)
      ruby-progressbar (~> 1.7)
      unicode-display_width (~> 1.0, >= 1.0.1)
    ruby-progressbar (1.8.1)
    rufus-lru (1.1.0)
    treetop (1.6.8)
      polyglot (~> 0.3)
    unicode-display_width (1.1.1)

PLATFORMS
  ruby

DEPENDENCIES
  puppet-lint
  puppet-lint-absolute_classname-check
  puppet-lint-classes_and_types_beginning_with_digits-check
  puppet-lint-leading_zero-check
  puppet-lint-legacy_facts-check
  puppet-lint-package_ensure-check
  puppet-lint-resource_reference_syntax
  puppet-lint-roles_and_profiles-check!
  puppet-lint-trailing_comma-check
  puppet-lint-unquoted_string-check
  puppet-lint-variable_contains_upcase
  puppet-lint-version_comparison-check
  rubocop (~> 0.50)

BUNDLED WITH
   1.15.4
